GIT
  remote: https://github.com/omniauth/omniauth-github.git
  revision: f27bb4e018150d87e9444ad13955acfc9e76f4d7
  branch: master
  specs:
    omniauth-github (2.0.1)
      omniauth (~> 2.0)
      omniauth-oauth2 (~> 1.8)

GIT
  remote: https://github.com/ruby/net-pop.git
  revision: e8d0afe2773b9eb6a23c39e9e437f6fc0fc7c733
  specs:
    net-pop (0.1.2)

GEM
  remote: https://rubygems.org/
  specs:
    actioncable (7.2.0.beta3)
      actionpack (= 7.2.0.beta3)
      activesupport (= 7.2.0.beta3)
      nio4r (~> 2.0)
      websocket-driver (>= 0.6.1)
      zeitwerk (~> 2.6)
    actionmailbox (7.2.0.beta3)
      actionpack (= 7.2.0.beta3)
      activejob (= 7.2.0.beta3)
      activerecord (= 7.2.0.beta3)
      activestorage (= 7.2.0.beta3)
      activesupport (= 7.2.0.beta3)
      mail (>= 2.8.0)
    actionmailer (7.2.0.beta3)
      actionpack (= 7.2.0.beta3)
      actionview (= 7.2.0.beta3)
      activejob (= 7.2.0.beta3)
      activesupport (= 7.2.0.beta3)
      mail (>= 2.8.0)
      rails-dom-testing (~> 2.2)
    actionpack (7.2.0.beta3)
      actionview (= 7.2.0.beta3)
      activesupport (= 7.2.0.beta3)
      nokogiri (>= 1.8.5)
      racc
      rack (>= 2.2.4)
      rack-session (>= 1.0.1)
      rack-test (>= 0.6.3)
      rails-dom-testing (~> 2.2)
      rails-html-sanitizer (~> 1.6)
      useragent (~> 0.16)
    actiontext (7.2.0.beta3)
      actionpack (= 7.2.0.beta3)
      activerecord (= 7.2.0.beta3)
      activestorage (= 7.2.0.beta3)
      activesupport (= 7.2.0.beta3)
      globalid (>= 0.6.0)
      nokogiri (>= 1.8.5)
    actionview (7.2.0.beta3)
      activesupport (= 7.2.0.beta3)
      builder (~> 3.1)
      erubi (~> 1.11)
      rails-dom-testing (~> 2.2)
      rails-html-sanitizer (~> 1.6)
    activejob (7.2.0.beta3)
      activesupport (= 7.2.0.beta3)
      globalid (>= 0.3.6)
    activemodel (7.2.0.beta3)
      activesupport (= 7.2.0.beta3)
    activerecord (7.2.0.beta3)
      activemodel (= 7.2.0.beta3)
      activesupport (= 7.2.0.beta3)
      timeout (>= 0.4.0)
    activestorage (7.2.0.beta3)
      actionpack (= 7.2.0.beta3)
      activejob (= 7.2.0.beta3)
      activerecord (= 7.2.0.beta3)
      activesupport (= 7.2.0.beta3)
      marcel (~> 1.0)
    activesupport (7.2.0.beta3)
      base64
      bigdecimal
      concurrent-ruby (~> 1.0, >= 1.3.1)
      connection_pool (>= 2.2.5)
      drb
      i18n (>= 1.6, < 2)
      logger (>= 1.4.2)
      minitest (>= 5.1)
      tzinfo (~> 2.0, >= 2.0.5)
    addressable (2.8.5)
      public_suffix (>= 2.0.2, < 6.0)
    ast (2.4.2)
    base64 (0.2.0)
    bcrypt (3.1.20)
    bigdecimal (3.1.4)
    bindex (0.8.1)
    bootsnap (1.17.0)
      msgpack (~> 1.2)
    builder (3.2.4)
    capybara (3.39.2)
      addressable
      matrix
      mini_mime (>= 0.1.3)
      nokogiri (~> 1.8)
      rack (>= 1.6.0)
      rack-test (>= 0.6.3)
      regexp_parser (>= 1.5, < 3.0)
      xpath (~> 3.2)
    concurrent-ruby (1.3.3)
    connection_pool (2.4.1)
    crass (1.0.6)
    date (3.3.4)
    debug (1.8.0)
      irb (>= 1.5.0)
      reline (>= 0.3.1)
    diff-lcs (1.5.1)
    dockerfile-rails (1.5.12)
      rails (>= 3.0.0)
    drb (2.2.0)
      ruby2_keywords
    erubi (1.12.0)
    ethon (0.16.0)
      ffi (>= 1.15.0)
    faraday (2.10.1)
      faraday-net_http (>= 2.0, < 3.2)
      logger
    faraday-net_http (3.1.1)
      net-http
    ffi (1.17.0-x86_64-linux-gnu)
    globalid (1.2.1)
      activesupport (>= 6.1)
    hashie (5.0.0)
    i18n (1.14.1)
      concurrent-ruby (~> 1.0)
    importmap-rails (1.2.3)
      actionpack (>= 6.0.0)
      activesupport (>= 6.0.0)
      railties (>= 6.0.0)
    io-console (0.6.0)
    irb (1.14.0)
      rdoc (>= 4.0.0)
      reline (>= 0.4.2)
    jbuilder (2.11.5)
      actionview (>= 5.0.0)
      activesupport (>= 5.0.0)
    json (2.7.2)
    jwt (2.8.2)
      base64
    language_server-protocol (3.17.0.3)
    logger (1.6.0)
    loofah (2.22.0)
      crass (~> 1.0.2)
      nokogiri (>= 1.12.0)
    mail (2.8.1)
      mini_mime (>= 0.1.1)
      net-imap
      net-pop
      net-smtp
    marcel (1.0.4)
    matrix (0.4.2)
    mini_mime (1.1.5)
    mini_portile2 (2.8.7)
    minitest (5.20.0)
    msgpack (1.7.2)
    multi_json (1.15.0)
    multi_xml (0.7.1)
      bigdecimal (~> 3.1)
    net-http (0.4.1)
      uri
    net-imap (0.4.14)
      date
      net-protocol
    net-protocol (0.2.2)
      timeout
    net-smtp (0.5.0)
      net-protocol
    nio4r (2.6.0)
    nokogiri (1.15.4)
      mini_portile2 (~> 2.8.2)
      racc (~> 1.4)
    oauth (1.1.0)
      oauth-tty (~> 1.0, >= 1.0.1)
      snaky_hash (~> 2.0)
      version_gem (~> 1.1)
    oauth-tty (1.0.5)
      version_gem (~> 1.1, >= 1.1.1)
    oauth2 (1.4.11)
      faraday (>= 0.17.3, < 3.0)
      jwt (>= 1.0, < 3.0)
      multi_json (~> 1.3)
      multi_xml (~> 0.5)
      rack (>= 1.2, < 4)
    omniauth (2.1.1)
      hashie (>= 3.4.6)
      rack (>= 2.2.3)
      rack-protection
    omniauth-discord (0.1.8)
      omniauth-oauth2 (~> 1.4)
    omniauth-google-oauth2 (0.8.1)
      jwt (>= 2.0)
      oauth2 (~> 1.1)
      omniauth (>= 1.1.1)
      omniauth-oauth2 (>= 1.6)
    omniauth-oauth (1.2.0)
      oauth
      omniauth (>= 1.0, < 3)
    omniauth-oauth2 (1.8.0)
      oauth2 (>= 1.4, < 3)
      omniauth (~> 2.0)
    omniauth-rails_csrf_protection (1.0.1)
      actionpack (>= 4.2)
      omniauth (~> 2.0)
    omniauth-twitch (1.2.0)
      omniauth-oauth2 (~> 1.6)
    omniauth-twitter (1.4.0)
      omniauth-oauth (~> 1.1)
      rack
    omniauth-twitter2 (0.1.0)
      omniauth
      omniauth-oauth2 (~> 1.0)
    parallel (1.26.3)
    parser (3.3.4.2)
      ast (~> 2.4.1)
      racc
    pg (1.5.4)
    psych (5.1.1.1)
      stringio
    public_suffix (5.0.3)
    puma (6.4.0)
      nio4r (~> 2.0)
    racc (1.7.3)
    rack (3.0.8)
    rack-protection (3.0.6)
      rack
    rack-session (2.0.0)
      rack (>= 3.0.0)
    rack-test (2.1.0)
      rack (>= 1.3)
    rackup (2.1.0)
      rack (>= 3)
      webrick (~> 1.8)
    rails (7.2.0.beta3)
      actioncable (= 7.2.0.beta3)
      actionmailbox (= 7.2.0.beta3)
      actionmailer (= 7.2.0.beta3)
      actionpack (= 7.2.0.beta3)
      actiontext (= 7.2.0.beta3)
      actionview (= 7.2.0.beta3)
      activejob (= 7.2.0.beta3)
      activemodel (= 7.2.0.beta3)
      activerecord (= 7.2.0.beta3)
      activestorage (= 7.2.0.beta3)
      activesupport (= 7.2.0.beta3)
      bundler (>= 1.15.0)
      railties (= 7.2.0.beta3)
    rails-dom-testing (2.2.0)
      activesupport (>= 5.0.0)
      minitest
      nokogiri (>= 1.6)
    rails-html-sanitizer (1.6.0)
      loofah (~> 2.21)
      nokogiri (~> 1.14)
    railties (7.2.0.beta3)
      actionpack (= 7.2.0.beta3)
      activesupport (= 7.2.0.beta3)
      irb (~> 1.13)
      rackup (>= 1.0.0)
      rake (>= 12.2)
      thor (~> 1.0, >= 1.2.2)
      zeitwerk (~> 2.6)
    rainbow (3.1.1)
    rake (13.1.0)
    rdoc (6.6.0)
      psych (>= 4.0.0)
    redis (5.0.8)
      redis-client (>= 0.17.0)
    redis-client (0.18.0)
      connection_pool
    regexp_parser (2.8.2)
    reline (0.5.9)
      io-console (~> 0.5)
    rexml (3.2.6)
    rspec-core (3.13.0)
      rspec-support (~> 3.13.0)
    rspec-expectations (3.13.1)
      diff-lcs (>= 1.2.0, < 2.0)
      rspec-support (~> 3.13.0)
    rspec-mocks (3.13.1)
      diff-lcs (>= 1.2.0, < 2.0)
      rspec-support (~> 3.13.0)
    rspec-rails (6.0.4)
      actionpack (>= 6.1)
      activesupport (>= 6.1)
      railties (>= 6.1)
      rspec-core (~> 3.12)
      rspec-expectations (~> 3.12)
      rspec-mocks (~> 3.12)
      rspec-support (~> 3.12)
    rspec-support (3.13.1)
    rubocop (1.65.1)
      json (~> 2.3)
      language_server-protocol (>= 3.17.0)
      parallel (~> 1.10)
      parser (>= 3.3.0.2)
      rainbow (>= 2.2.2, < 4.0)
      regexp_parser (>= 2.4, < 3.0)
      rexml (>= 3.2.5, < 4.0)
      rubocop-ast (>= 1.31.1, < 2.0)
      ruby-progressbar (~> 1.7)
      unicode-display_width (>= 2.4.0, < 3.0)
    rubocop-ast (1.32.1)
      parser (>= 3.3.1.0)
    ruby-progressbar (1.13.0)
    ruby2_keywords (0.0.5)
    rubyzip (2.3.2)
    seed_dump (3.3.1)
      activerecord (>= 4)
      activesupport (>= 4)
    selenium-webdriver (4.15.0)
      rexml (~> 3.2, >= 3.2.5)
      rubyzip (>= 1.2.2, < 3.0)
      websocket (~> 1.0)
    sentry-rails (5.13.0)
      railties (>= 5.0)
      sentry-ruby (~> 5.13.0)
    sentry-ruby (5.13.0)
      concurrent-ruby (~> 1.0, >= 1.0.2)
    snaky_hash (2.0.1)
      hashie
      version_gem (~> 1.1, >= 1.1.1)
    sprockets (4.2.1)
      concurrent-ruby (~> 1.0)
      rack (>= 2.2.4, < 4)
    sprockets-rails (3.4.2)
      actionpack (>= 5.2)
      activesupport (>= 5.2)
      sprockets (>= 3.0.0)
    stimulus-rails (1.3.0)
      railties (>= 6.0.0)
    stringio (3.0.9)
    thor (1.3.0)
    timeout (0.4.1)
    turbo-rails (1.5.0)
      actionpack (>= 6.0.0)
      activejob (>= 6.0.0)
      railties (>= 6.0.0)
    typhoeus (1.4.1)
      ethon (>= 0.9.0)
    tzinfo (2.0.6)
      concurrent-ruby (~> 1.0)
    unicode-display_width (2.5.0)
    uri (0.13.0)
    useragent (0.16.10)
    version_gem (1.1.3)
    web-console (4.2.1)
      actionview (>= 6.0.0)
      activemodel (>= 6.0.0)
      bindex (>= 0.4.0)
      railties (>= 6.0.0)
    webrick (1.8.1)
    websocket (1.2.10)
    websocket-driver (0.7.6)
      websocket-extensions (>= 0.1.0)
    websocket-extensions (0.1.5)
    xpath (3.2.0)
      nokogiri (~> 1.8)
    zeitwerk (2.6.12)

PLATFORMS
  x86_64-linux

DEPENDENCIES
  bcrypt (~> 3.1.7)
  bootsnap
  capybara
  debug
  dockerfile-rails (>= 1.5)
  importmap-rails
  jbuilder
  net-pop!
  oauth2 (~> 1.4.9)
  omniauth-discord (~> 0.1.0)
  omniauth-github!
  omniauth-google-oauth2
  omniauth-rails_csrf_protection (~> 1.0)
  omniauth-twitch
  omniauth-twitter (~> 1.4)
  omniauth-twitter2 (~> 0.1.0)
  pg (~> 1.1)
  puma (>= 5.0)
  rails (~> 7.2.0.beta2)
  redis (~> 5.0)
  rspec-rails (~> 6.0.0)
  rubocop
  seed_dump
  selenium-webdriver
  sentry-rails (~> 5.13)
  sentry-ruby (~> 5.13)
  sprockets-rails
  stimulus-rails
  turbo-rails
  typhoeus
  tzinfo-data
  web-console

RUBY VERSION
   ruby 3.3.3p89

BUNDLED WITH
   2.4.22
