GEM
  remote: https://rubygems.org/
  specs:
    actioncable (7.2.0.beta3)
      actionpack (= 7.2.0.beta3)
      activesupport (= 7.2.0.beta3)
      nio4r (~> 2.0)
      websocket-driver (>= 0.6.1)
      zeitwerk (~> 2.6)
    actionmailbox (7.2.0.beta3)
      actionpack (= 7.2.0.beta3)
      activejob (= 7.2.0.beta3)
      activerecord (= 7.2.0.beta3)
      activestorage (= 7.2.0.beta3)
      activesupport (= 7.2.0.beta3)
      mail (>= 2.8.0)
    actionmailer (7.2.0.beta3)
      actionpack (= 7.2.0.beta3)
      actionview (= 7.2.0.beta3)
      activejob (= 7.2.0.beta3)
      activesupport (= 7.2.0.beta3)
      mail (>= 2.8.0)
      rails-dom-testing (~> 2.2)
    actionpack (7.2.0.beta3)
      actionview (= 7.2.0.beta3)
      activesupport (= 7.2.0.beta3)
      nokogiri (>= 1.8.5)
      racc
      rack (>= 2.2.4)
      rack-session (>= 1.0.1)
      rack-test (>= 0.6.3)
      rails-dom-testing (~> 2.2)
      rails-html-sanitizer (~> 1.6)
      useragent (~> 0.16)
    actiontext (7.2.0.beta3)
      actionpack (= 7.2.0.beta3)
      activerecord (= 7.2.0.beta3)
      activestorage (= 7.2.0.beta3)
      activesupport (= 7.2.0.beta3)
      globalid (>= 0.6.0)
      nokogiri (>= 1.8.5)
    actionview (7.2.0.beta3)
      activesupport (= 7.2.0.beta3)
      builder (~> 3.1)
      erubi (~> 1.11)
      rails-dom-testing (~> 2.2)
      rails-html-sanitizer (~> 1.6)
    activejob (7.2.0.beta3)
      activesupport (= 7.2.0.beta3)
      globalid (>= 0.3.6)
    activemodel (7.2.0.beta3)
      activesupport (= 7.2.0.beta3)
    activerecord (7.2.0.beta3)
      activemodel (= 7.2.0.beta3)
      activesupport (= 7.2.0.beta3)
      timeout (>= 0.4.0)
    activestorage (7.2.0.beta3)
      actionpack (= 7.2.0.beta3)
      activejob (= 7.2.0.beta3)
      activerecord (= 7.2.0.beta3)
      activesupport (= 7.2.0.beta3)
      marcel (~> 1.0)
    activesupport (7.2.0.beta3)
      base64
      bigdecimal
      concurrent-ruby (~> 1.0, >= 1.3.1)
      connection_pool (>= 2.2.5)
      drb
      i18n (>= 1.6, < 2)
      logger (>= 1.4.2)
      minitest (>= 5.1)
      tzinfo (~> 2.0, >= 2.0.5)
    addressable (2.8.5)
      public_suffix (>= 2.0.2, < 6.0)
    base64 (0.2.0)
    bcrypt (3.1.20)
    bigdecimal (3.1.4)
    bindex (0.8.1)
    bootsnap (1.17.0)
      msgpack (~> 1.2)
    builder (3.2.4)
    capybara (3.39.2)
      addressable
      matrix
      mini_mime (>= 0.1.3)
      nokogiri (~> 1.8)
      rack (>= 1.6.0)
      rack-test (>= 0.6.3)
      regexp_parser (>= 1.5, < 3.0)
      xpath (~> 3.2)
    concurrent-ruby (1.3.3)
    connection_pool (2.4.1)
    crass (1.0.6)
    date (3.3.4)
    debug (1.8.0)
      irb (>= 1.5.0)
      reline (>= 0.3.1)
    dockerfile-rails (1.5.12)
      rails (>= 3.0.0)
    drb (2.2.0)
      ruby2_keywords
    erubi (1.12.0)
    globalid (1.2.1)
      activesupport (>= 6.1)
    hashie (5.0.0)
    i18n (1.14.1)
      concurrent-ruby (~> 1.0)
    importmap-rails (1.2.3)
      actionpack (>= 6.0.0)
      activesupport (>= 6.0.0)
      railties (>= 6.0.0)
    io-console (0.6.0)
    irb (1.14.0)
      rdoc (>= 4.0.0)
      reline (>= 0.4.2)
    jbuilder (2.11.5)
      actionview (>= 5.0.0)
      activesupport (>= 5.0.0)
    logger (1.6.0)
    loofah (2.22.0)
      crass (~> 1.0.2)
      nokogiri (>= 1.12.0)
    mail (2.8.1)
      mini_mime (>= 0.1.1)
      net-imap
      net-pop
      net-smtp
    marcel (1.0.4)
    matrix (0.4.2)
    mini_mime (1.1.5)
    mini_portile2 (2.8.7)
    minitest (5.20.0)
    msgpack (1.7.2)
    net-imap (0.4.14)
      date
      net-protocol
    net-pop (0.1.2)
    net-protocol (0.2.2)
      timeout
    net-smtp (0.5.0)
      net-protocol
    nio4r (2.6.0)
    nokogiri (1.15.4)
      mini_portile2 (~> 2.8.2)
      racc (~> 1.4)
    oauth (1.1.0)
      oauth-tty (~> 1.0, >= 1.0.1)
      snaky_hash (~> 2.0)
      version_gem (~> 1.1)
    oauth-tty (1.0.5)
      version_gem (~> 1.1, >= 1.1.1)
    omniauth (2.1.1)
      hashie (>= 3.4.6)
      rack (>= 2.2.3)
      rack-protection
    omniauth-oauth (1.2.0)
      oauth
      omniauth (>= 1.0, < 3)
    omniauth-rails_csrf_protection (1.0.1)
      actionpack (>= 4.2)
      omniauth (~> 2.0)
    omniauth-twitter (1.4.0)
      omniauth-oauth (~> 1.1)
      rack
    pg (1.5.4)
    psych (5.1.1.1)
      stringio
    public_suffix (5.0.3)
    puma (6.4.0)
      nio4r (~> 2.0)
    racc (1.7.3)
    rack (3.0.8)
    rack-protection (3.0.6)
      rack
    rack-session (2.0.0)
      rack (>= 3.0.0)
    rack-test (2.1.0)
      rack (>= 1.3)
    rackup (2.1.0)
      rack (>= 3)
      webrick (~> 1.8)
    rails (7.2.0.beta3)
      actioncable (= 7.2.0.beta3)
      actionmailbox (= 7.2.0.beta3)
      actionmailer (= 7.2.0.beta3)
      actionpack (= 7.2.0.beta3)
      actiontext (= 7.2.0.beta3)
      actionview (= 7.2.0.beta3)
      activejob (= 7.2.0.beta3)
      activemodel (= 7.2.0.beta3)
      activerecord (= 7.2.0.beta3)
      activestorage (= 7.2.0.beta3)
      activesupport (= 7.2.0.beta3)
      bundler (>= 1.15.0)
      railties (= 7.2.0.beta3)
    rails-dom-testing (2.2.0)
      activesupport (>= 5.0.0)
      minitest
      nokogiri (>= 1.6)
    rails-html-sanitizer (1.6.0)
      loofah (~> 2.21)
      nokogiri (~> 1.14)
    railties (7.2.0.beta3)
      actionpack (= 7.2.0.beta3)
      activesupport (= 7.2.0.beta3)
      irb (~> 1.13)
      rackup (>= 1.0.0)
      rake (>= 12.2)
      thor (~> 1.0, >= 1.2.2)
      zeitwerk (~> 2.6)
    rake (13.1.0)
    rdoc (6.6.0)
      psych (>= 4.0.0)
    redis (5.0.8)
      redis-client (>= 0.17.0)
    redis-client (0.18.0)
      connection_pool
    regexp_parser (2.8.2)
    reline (0.5.9)
      io-console (~> 0.5)
    rexml (3.2.6)
    ruby2_keywords (0.0.5)
    rubyzip (2.3.2)
    seed_dump (3.3.1)
      activerecord (>= 4)
      activesupport (>= 4)
    selenium-webdriver (4.15.0)
      rexml (~> 3.2, >= 3.2.5)
      rubyzip (>= 1.2.2, < 3.0)
      websocket (~> 1.0)
    sentry-rails (5.13.0)
      railties (>= 5.0)
      sentry-ruby (~> 5.13.0)
    sentry-ruby (5.13.0)
      concurrent-ruby (~> 1.0, >= 1.0.2)
    snaky_hash (2.0.1)
      hashie
      version_gem (~> 1.1, >= 1.1.1)
    sprockets (4.2.1)
      concurrent-ruby (~> 1.0)
      rack (>= 2.2.4, < 4)
    sprockets-rails (3.4.2)
      actionpack (>= 5.2)
      activesupport (>= 5.2)
      sprockets (>= 3.0.0)
    stimulus-rails (1.3.0)
      railties (>= 6.0.0)
    stringio (3.0.9)
    thor (1.3.0)
    timeout (0.4.1)
    turbo-rails (1.5.0)
      actionpack (>= 6.0.0)
      activejob (>= 6.0.0)
      railties (>= 6.0.0)
    tzinfo (2.0.6)
      concurrent-ruby (~> 1.0)
    useragent (0.16.10)
    version_gem (1.1.3)
    web-console (4.2.1)
      actionview (>= 6.0.0)
      activemodel (>= 6.0.0)
      bindex (>= 0.4.0)
      railties (>= 6.0.0)
    webrick (1.8.1)
    websocket (1.2.10)
    websocket-driver (0.7.6)
      websocket-extensions (>= 0.1.0)
    websocket-extensions (0.1.5)
    xpath (3.2.0)
      nokogiri (~> 1.8)
    zeitwerk (2.6.12)

PLATFORMS
  x86_64-linux

DEPENDENCIES
  bcrypt (~> 3.1.7)
  bootsnap
  capybara
  debug
  dockerfile-rails (>= 1.5)
  importmap-rails
  jbuilder
  omniauth-rails_csrf_protection (~> 1.0)
  omniauth-twitter (~> 1.4)
  pg (~> 1.1)
  puma (>= 5.0)
  rails (~> 7.2.0.beta2)
  redis (~> 5.0)
  seed_dump
  selenium-webdriver
  sentry-rails (~> 5.13)
  sentry-ruby (~> 5.13)
  sprockets-rails
  stimulus-rails
  turbo-rails
  tzinfo-data
  web-console

RUBY VERSION
   ruby 3.3.3p89

BUNDLED WITH
   2.4.22
